GEM
  remote: https://rubygems.org/
  specs:
    rubytest (0.8.1)
    test (1.0.0)
      rubytest
    thor (1.2.1)

PLATFORMS
  x86_64-darwin-20

DEPENDENCIES
  test
  thor

BUNDLED WITH
   2.3.3
